PATH
  remote: .
  specs:
    awesome_fluent_logger (1.0.1)
      fluent-logger (~> 0.9)

GEM
  remote: https://rubygems.org/
  specs:
    byebug (11.1.3)
    coderay (1.1.3)
    diff-lcs (1.4.4)
    fluent-logger (0.9.0)
      msgpack (>= 1.0.0, < 2)
    method_source (1.0.0)
    msgpack (1.3.3)
    pry (0.13.1)
      coderay (~> 1.1)
      method_source (~> 1.0)
    pry-byebug (3.9.0)
      byebug (~> 11.0)
      pry (~> 0.13.0)
    rake (13.0.4)
    rspec (3.10.0)
      rspec-core (~> 3.10.0)
      rspec-expectations (~> 3.10.0)
      rspec-mocks (~> 3.10.0)
    rspec-core (3.10.1)
      rspec-support (~> 3.10.0)
    rspec-expectations (3.10.1)
      diff-lcs (>= 1.2.0, < 2.0)
      rspec-support (~> 3.10.0)
    rspec-mocks (3.10.1)
      diff-lcs (>= 1.2.0, < 2.0)
      rspec-support (~> 3.10.0)
    rspec-support (3.10.1)
    timecop (0.9.4)

PLATFORMS
  ruby

DEPENDENCIES
  awesome_fluent_logger!
  pry-byebug
  rake (~> 13.0)
  rspec (~> 3.0)
  timecop

BUNDLED WITH
   2.1.4
